GEM
  remote: http://rubygems.org/
  specs:
    activemodel (3.1.3)
      activesupport (= 3.1.3)
      builder (~> 3.0.0)
      i18n (~> 0.6)
    activesupport (3.1.3)
      multi_json (~> 1.0)
    builder (3.0.0)
    diff-lcs (1.1.3)
    git (1.2.5)
    i18n (0.6.0)
    jeweler (1.6.4)
      bundler (~> 1.0)
      git (>= 1.2.5)
      rake
    json (1.6.4)
    mocha (0.9.8)
      rake
    multi_json (1.0.4)
    rake (0.9.2.2)
    redis (2.0.7)
    redis-namespace (0.10.0)
      redis (< 3.0.0)
    rspec (2.0.1)
      rspec-core (~> 2.0.1)
      rspec-expectations (~> 2.0.1)
      rspec-mocks (~> 2.0.1)
    rspec-core (2.0.1)
    rspec-expectations (2.0.1)
      diff-lcs (>= 1.1.2)
    rspec-mocks (2.0.1)
      rspec-core (~> 2.0.1)
      rspec-expectations (~> 2.0.1)
    rspec-rails (2.0.1)
      rspec (~> 2.0.0)
    timecop (0.3.5)

PLATFORMS
  ruby

DEPENDENCIES
  activemodel (~> 3.0)
  activesupport (>= 2)
  i18n
  jeweler
  json
  mocha (= 0.9.8)
  redis (= 2.0.7)
  redis-namespace (= 0.10.0)
  rspec (~> 2.0.0.beta)
  rspec-rails (~> 2.0.0.beta)
  timecop (= 0.3.5)
